GIT
  remote: https://github.com/CDRH/datura.git
  revision: 713150b6ae3f82cf1f44aa702d31adbc5f586e3c
  tag: v0.1.3
  specs:
    datura (0.1.3)
      colorize (~> 0.8.1)
      nokogiri (~> 1.8)
      rest-client (~> 2.0.2)

GEM
  remote: https://rubygems.org/
  specs:
    colorize (0.8.1)
    domain_name (0.5.20190701)
      unf (>= 0.0.5, < 1.0.0)
    http-cookie (1.0.3)
      domain_name (~> 0.5)
    mime-types (3.2.2)
      mime-types-data (~> 3.2015)
    mime-types-data (3.2019.0331)
    mini_portile2 (2.4.0)
    netrc (0.11.0)
    nokogiri (1.10.4)
      mini_portile2 (~> 2.4.0)
    rest-client (2.0.2)
      http-cookie (>= 1.0.2, < 2.0)
      mime-types (>= 1.16, < 4.0)
      netrc (~> 0.8)
    unf (0.1.4)
      unf_ext
    unf_ext (0.0.7.6)

PLATFORMS
  ruby

DEPENDENCIES
  datura!

BUNDLED WITH
   2.0.2
